GIT
  remote: git://github.com/radarseesradar/dumb_delegator.git
  revision: a638a3f34d9d5993ce4bb04cf295e5ca5305536b
  specs:
    dumb_delegator (0.7.0)

GEM
  remote: https://rubygems.org/
  specs:
    ansi (1.4.3)
    brass (1.2.1)
    detroit (0.4.0)
      facets
      indexer
    diff-lcs (1.2.5)
    facets (2.9.3)
    indexer (0.3.1)
    qed (2.9.1)
      ansi
      brass
      facets (>= 2.8)
    rspec (2.14.1)
      rspec-core (~> 2.14.0)
      rspec-expectations (~> 2.14.0)
      rspec-mocks (~> 2.14.0)
    rspec-core (2.14.7)
    rspec-expectations (2.14.4)
      diff-lcs (>= 1.1.3, < 2.0)
    rspec-mocks (2.14.4)

PLATFORMS
  ruby

DEPENDENCIES
  detroit
  dumb_delegator!
  qed
  rspec
